GEM
  remote: https://rubygems.org/
  specs:
    ffi (1.9.10)
    listen (3.1.3)
      rb-fsevent (~> 0.9, >= 0.9.7)
      rb-inotify (~> 0.9, >= 0.9.7)
      ruby_dep (~> 1.2)
    rb-fsevent (0.9.7)
    rb-inotify (0.9.7)
      ffi (>= 0.5.0)
    ruby_dep (1.3.1)
    sass (3.4.22)

PLATFORMS
  ruby

DEPENDENCIES
  listen (~> 3.0)
  sass (= 3.4.22)

BUNDLED WITH
   1.11.2
